GEM
  remote: https://rubygems.org/
  specs:
    activesupport (4.1.1)
      i18n (~> 0.6, >= 0.6.9)
      json (~> 1.7, >= 1.7.7)
      minitest (~> 5.1)
      thread_safe (~> 0.1)
      tzinfo (~> 1.1)
    cas_rest_client (1.3)
      rest-client (>= 1.4.2)
    coderay (1.1.0)
    conjur-api (4.9.0)
      activesupport
      rest-client
    conjur-cli (4.10.1)
      activesupport
      cas_rest_client
      conjur-api (>= 4.9.0)
      deep_merge
      gli (>= 2.8.0)
      highline
      methadone
      netrc
    deep_merge (1.0.1)
    gli (2.11.0)
    highline (1.6.21)
    i18n (0.6.9)
    json (1.8.1)
    methadone (1.4.0)
      bundler
    method_source (0.8.2)
    mime-types (2.3)
    minitest (5.3.5)
    netrc (0.7.7)
    pry (0.10.0)
      coderay (~> 1.1.0)
      method_source (~> 0.8.1)
      slop (~> 3.4)
    rest-client (1.6.7)
      mime-types (>= 1.16)
    slop (3.5.0)
    thread_safe (0.3.4)
    tzinfo (1.2.1)
      thread_safe (~> 0.1)

PLATFORMS
  ruby

DEPENDENCIES
  conjur-api
  conjur-cli
  pry
